GIT
  remote: git://github.com/mdpye/sonos-ruby.git
  revision: 23caef6451d00fac5ba3c41b661c5952d6f466ab
  specs:
    sonos (0.3.6)
      httpclient
      nokogiri
      savon (~> 2.0)
      ssdp
      thor

GEM
  remote: https://rubygems.org/
  specs:
    akami (1.3.1)
      gyoku (>= 0.4.0)
      nokogiri
    builder (3.2.2)
    excon (0.43.0)
    gyoku (1.3.1)
      builder (>= 2.1.2)
    httpclient (2.6.0.1)
    httpi (2.4.1)
      rack
    json (1.8.1)
    mini_portile (0.6.2)
    nokogiri (1.6.6.2)
      mini_portile (~> 0.6.0)
    nori (2.6.0)
    pusher-client (0.6.0)
      json
      websocket (~> 1.0)
    rack (1.6.4)
    savon (2.11.1)
      akami (~> 1.2)
      builder (>= 2.1.2)
      gyoku (~> 1.2)
      httpi (~> 2.3)
      nokogiri (>= 1.4.0)
      nori (~> 2.4)
      wasabi (~> 3.4)
    ssdp (1.1.3)
    thor (0.19.1)
    wasabi (3.5.0)
      httpi (~> 2.0)
      nokogiri (>= 1.4.2)
    websocket (1.2.1)

PLATFORMS
  ruby

DEPENDENCIES
  excon
  pusher-client
  sonos!

BUNDLED WITH
   1.10.6
